GEM
  remote: https://rubygems.org/
  specs:
    ethon (0.8.0)
      ffi (>= 1.3.0)
    ffi (1.9.10)
    mini_portile2 (2.0.0)
    nokogiri (1.6.7.1)
      mini_portile2 (~> 2.0.0.rc2)
    typhoeus (0.8.0)
      ethon (>= 0.8.0)

PLATFORMS
  ruby

DEPENDENCIES
  nokogiri (~> 1.6, >= 1.6.7.1)
  typhoeus

BUNDLED WITH
   1.11.2
